GEM
  remote: https://rubygems.org/
  specs:
    mail (2.7.1)
      mini_mime (>= 0.1.1)
    mini_mime (1.1.2)
    pony (1.13.1)
      mail (>= 2.0)

PLATFORMS
  arm64-darwin-21

DEPENDENCIES
  pony

BUNDLED WITH
   2.3.12
